GIT
  remote: git://github.com/mongoid/mongoid.git
  revision: b91705b0ded88ed82aedbf0acf17f0a3cf1af471
  specs:
    mongoid (4.0.0)
      activemodel (~> 4.0.0)
      moped (~> 2.0.beta3)
      origin (~> 1.0)
      tzinfo (~> 0.3.37)

PATH
  remote: .
  specs:
    mongoid-multitenancy (0.3.3)
      mongoid

GEM
  remote: https://rubygems.org/
  specs:
    activemodel (4.0.1)
      activesupport (= 4.0.1)
      builder (~> 3.1.0)
    activesupport (4.0.1)
      i18n (~> 0.6, >= 0.6.4)
      minitest (~> 4.2)
      multi_json (~> 1.3)
      thread_safe (~> 0.1)
      tzinfo (~> 0.3.37)
    atomic (1.1.14)
    bson (2.0.0.rc3)
    builder (3.1.4)
    database_cleaner (1.0.1)
    diff-lcs (1.2.4)
    i18n (0.6.5)
    minitest (4.7.5)
    mongoid-rspec (1.8.1)
      mongoid (>= 3.0.1)
      rake
      rspec (>= 2.9)
    moped (2.0.0.beta3)
      bson (~> 2.0.0.rc3)
      optionable (~> 0.1.1)
    multi_json (1.8.2)
    optionable (0.1.1)
    origin (1.1.0)
    rake (10.0.4)
    redcarpet (2.2.2)
    rspec (2.13.0)
      rspec-core (~> 2.13.0)
      rspec-expectations (~> 2.13.0)
      rspec-mocks (~> 2.13.0)
    rspec-core (2.13.1)
    rspec-expectations (2.13.0)
      diff-lcs (>= 1.1.3, < 2.0)
    rspec-mocks (2.13.1)
    thread_safe (0.1.3)
      atomic
    tzinfo (0.3.38)
    yard (0.8.6.1)

PLATFORMS
  ruby

DEPENDENCIES
  database_cleaner (~> 1.0)
  mongoid!
  mongoid-multitenancy!
  mongoid-rspec (~> 1.5)
  rake (~> 10.0)
  redcarpet (~> 2.2)
  rspec (~> 2.12)
  yard (~> 0.8)
